PATH
  remote: .
  specs:
    city_hash (0.0.1)

GEM
  remote: http://rubygems.org/
  specs:

PLATFORMS
  ruby

DEPENDENCIES
  city_hash!
